GEM
  remote: https://rubygems.org/
  specs:
    backports (3.23.0)
    docile (1.4.0)
    erubis (2.7.0)
    minitest (5.17.0)
    multi_json (1.15.0)
    pg (1.4.5)
    rack (1.6.13)
    rack-protection (1.5.5)
      rack
    rack-test (2.0.2)
      rack (>= 1.3)
    simplecov (0.22.0)
      docile (~> 1.1)
      simplecov-html (~> 0.11)
      simplecov_json_formatter (~> 0.1)
    simplecov-html (0.12.3)
    simplecov_json_formatter (0.1.4)
    sinatra (1.4.8)
      rack (~> 1.5)
      rack-protection (~> 1.4)
      tilt (>= 1.3, < 3)
    sinatra-contrib (1.4.7)
      backports (>= 2.0)
      multi_json
      rack-protection
      rack-test
      sinatra (~> 1.4.0)
      tilt (>= 1.3, < 3)
    tilt (2.0.11)

PLATFORMS
  x86_64-linux

DEPENDENCIES
  erubis
  minitest
  pg
  rack-test
  simplecov
  sinatra (~> 1.4.7)
  sinatra-contrib

RUBY VERSION
   ruby 2.7.5p203

BUNDLED WITH
   2.3.24
